GEM
  remote: http://rubygems.org/
  specs:
    actionmailer (2.3.11)
      actionpack (= 2.3.11)
    actionpack (2.3.11)
      activesupport (= 2.3.11)
      rack (~> 1.1.0)
    activerecord (2.3.11)
      activesupport (= 2.3.11)
    activerecord-mysql2-adapter (0.0.3)
      mysql2
    activeresource (2.3.11)
      activesupport (= 2.3.11)
    activesupport (2.3.11)
    json (1.7.0)
    mysql2 (0.3.11)
    nokogiri (1.5.5)
    rack (1.1.3)
    rails (2.3.11)
      actionmailer (= 2.3.11)
      actionpack (= 2.3.11)
      activerecord (= 2.3.11)
      activeresource (= 2.3.11)
      activesupport (= 2.3.11)
      rake (>= 0.8.3)
    rake (0.9.2.2)
    rdoc (3.9.4)
    rmagick (2.13.1)

PLATFORMS
  ruby

DEPENDENCIES
  activerecord-mysql2-adapter
  bundler
  json (= 1.7.0)
  mysql2
  nokogiri (= 1.5.5)
  rails (= 2.3.11)
  rdoc (= 3.9.4)
  rmagick (= 2.13.1)
